GEM
  remote: https://rubygems.org/
  specs:
    dotenv (2.7.5)
    equatable (0.6.1)
    necromancer (0.5.0)
    news-api (0.2.0)
    pastel (0.7.3)
      equatable (~> 0.6)
      tty-color (~> 0.5)
    tty-color (0.5.0)
    tty-cursor (0.7.0)
    tty-prompt (0.19.0)
      necromancer (~> 0.5.0)
      pastel (~> 0.7.0)
      tty-reader (~> 0.6.0)
    tty-reader (0.6.0)
      tty-cursor (~> 0.7)
      tty-screen (~> 0.7)
      wisper (~> 2.0.0)
    tty-screen (0.7.0)
    tty-spinner (0.9.1)
      tty-cursor (~> 0.7)
    wisper (2.0.1)

PLATFORMS
  ruby

DEPENDENCIES
  dotenv (~> 2.7)
  news-api (~> 0.2.0)
  tty-prompt (~> 0.19.0)
  tty-screen (~> 0.7.0)
  tty-spinner (~> 0.9.1)

BUNDLED WITH
   2.0.2
